GEM
  remote: https://rubygems.org/
  specs:
    builder (3.2.2)
    excon (0.49.0)
    fog-core (1.40.0)
      builder
      excon (~> 0.49)
      formatador (~> 0.2)
    fog-json (1.0.2)
      fog-core (~> 1.0)
      multi_json (~> 1.10)
    fog-openstack (0.1.6)
      fog-core (>= 1.39)
      fog-json (>= 1.0)
      ipaddress (>= 0.8)
    formatador (0.2.5)
    ipaddress (0.8.3)
    multi_json (1.12.1)

PLATFORMS
  ruby

DEPENDENCIES
  fog-openstack

BUNDLED WITH
   1.12.5
